GEM
  remote: http://rubygems.org/
  specs:
    dalli (2.6.2)
    dotenv (0.6.0)
    gibbon (0.4.6)
      httparty
      multi_json (>= 1.3.4)
    httparty (0.10.2)
      multi_json (~> 1.0)
      multi_xml (>= 0.5.2)
    multi_json (1.7.2)
    multi_xml (0.5.3)
    rack (1.5.2)
    rack-protection (1.5.0)
      rack
    sinatra (1.4.2)
      rack (~> 1.5, >= 1.5.2)
      rack-protection (~> 1.4)
      tilt (~> 1.3, >= 1.3.4)
    tilt (1.3.6)

PLATFORMS
  ruby

DEPENDENCIES
  dalli
  dotenv
  gibbon
  sinatra
